PATH
  remote: .
  specs:
    typhoeus (0.2.4.112)
      mime-types

GEM
  remote: https://rubygems.org/
  specs:
    diff-lcs (1.2.5)
    gemcutter (0.6.1)
    git (1.2.5)
    jeweler (1.4.0)
      gemcutter (>= 0.1.0)
      git (>= 1.2.5)
      rubyforge (>= 2.0.0)
    json (1.7.7)
    json_pure (1.4.6)
    mime-types (2.1)
    rack (1.2.1)
    rake (10.0.3)
    rspec (2.14.1)
      rspec-core (~> 2.14.0)
      rspec-expectations (~> 2.14.0)
      rspec-mocks (~> 2.14.0)
    rspec-core (2.14.7)
    rspec-expectations (2.14.4)
      diff-lcs (>= 1.1.3, < 2.0)
    rspec-mocks (2.14.4)
    rubyforge (2.0.4)
      json_pure (>= 1.1.7)
    sinatra (1.1.0)
      rack (~> 1.1)
      tilt (~> 1.1)
    tilt (1.1)

PLATFORMS
  ruby

DEPENDENCIES
  diff-lcs
  jeweler
  json
  rake
  rspec (~> 2.14.0)
  sinatra
  typhoeus!
